GEM
  remote: https://rubygems.org/
  specs:
    coderay (1.1.2)
    method_source (1.0.0)
    mini_portile2 (2.5.1)
    nokogiri (1.11.4)
      mini_portile2 (~> 2.5.0)
      racc (~> 1.4)
    pry (0.13.0)
      coderay (~> 1.1)
      method_source (~> 1.0)
    racc (1.5.2)

PLATFORMS
  ruby

DEPENDENCIES
  nokogiri
  pry

BUNDLED WITH
   2.1.2
